GIT
  remote: git://github.com/padrino/padrino-framework.git
  revision: 327d7714df242657f5e488fb9e18ba2bc95d3fb4
  specs:
    padrino (0.13.0.rc1)
      padrino-admin (= 0.13.0.rc1)
      padrino-cache (= 0.13.0.rc1)
      padrino-core (= 0.13.0.rc1)
      padrino-gen (= 0.13.0.rc1)
      padrino-helpers (= 0.13.0.rc1)
      padrino-mailer (= 0.13.0.rc1)
      padrino-support (= 0.13.0.rc1)
    padrino-admin (0.13.0.rc1)
      padrino-core (= 0.13.0.rc1)
      padrino-helpers (= 0.13.0.rc1)
    padrino-cache (0.13.0.rc1)
      moneta (~> 0.7.0)
      padrino-core (= 0.13.0.rc1)
      padrino-helpers (= 0.13.0.rc1)
    padrino-core (0.13.0.rc1)
      activesupport (>= 3.1)
      mustermann19
      padrino-support (= 0.13.0.rc1)
      rack-protection (>= 1.5.0)
      sinatra (~> 1.4.2)
      thor (~> 0.18)
    padrino-gen (0.13.0.rc1)
      bundler (~> 1.0)
      padrino-core (= 0.13.0.rc1)
    padrino-helpers (0.13.0.rc1)
      i18n (~> 0.6, >= 0.6.7)
      padrino-support (= 0.13.0.rc1)
      tilt (~> 1.4.1)
    padrino-mailer (0.13.0.rc1)
      mail (~> 2.5.3)
      padrino-core (= 0.13.0.rc1)
    padrino-support (0.13.0.rc1)
      activesupport (>= 3.1)

GEM
  remote: https://rubygems.org/
  specs:
    activemodel (4.2.0)
      activesupport (= 4.2.0)
      builder (~> 3.1)
    activerecord (4.2.0)
      activemodel (= 4.2.0)
      activesupport (= 4.2.0)
      arel (~> 6.0)
    activesupport (4.2.0)
      i18n (~> 0.7)
      json (~> 1.7, >= 1.7.7)
      minitest (~> 5.1)
      thread_safe (~> 0.3, >= 0.3.4)
      tzinfo (~> 1.1)
    arel (6.0.0)
    bcrypt (3.1.9)
    bond (0.5.1)
    builder (3.2.2)
    carrierwave (0.10.0)
      activemodel (>= 3.2.0)
      activesupport (>= 3.2.0)
      json (>= 1.7)
      mime-types (>= 1.16)
    enumerable-lazy (0.0.1)
    fcgi (0.9.2.1)
    friendly_id (5.0.4)
      activerecord (>= 4.0.0)
    haml (4.0.6)
      tilt
    html_truncator (0.4.0)
      nokogiri (~> 1.5)
    i18n (0.7.0)
    json (1.8.1)
    mail (2.5.4)
      mime-types (~> 1.16)
      treetop (~> 1.4.8)
    mime-types (1.25.1)
    mini_magick (4.0.1)
    mini_portile (0.6.2)
    minitest (5.5.0)
    moneta (0.7.20)
    mustermann19 (0.4.0)
      enumerable-lazy
    mysql (2.9.1)
    nokogiri (1.6.5)
      mini_portile (~> 0.6.0)
    polyglot (0.3.5)
    rack (1.5.2)
    rack-protection (1.5.3)
      rack
    rack-test (0.6.2)
      rack (>= 1.0)
    rake (10.4.2)
    ripl (0.7.1)
      bond (~> 0.5.1)
    ripl-multi_line (0.3.1)
      ripl (>= 0.3.6)
    ripl-rack (0.2.1)
      rack (>= 1.0)
      rack-test (~> 0.6.2)
      ripl (>= 0.7.0)
    sass (3.4.9)
    shoulda (3.5.0)
      shoulda-context (~> 1.0, >= 1.0.1)
      shoulda-matchers (>= 1.4.1, < 3.0)
    shoulda-context (1.2.1)
    shoulda-matchers (2.7.0)
      activesupport (>= 3.0.0)
    sinatra (1.4.5)
      rack (~> 1.4)
      rack-protection (~> 1.4)
      tilt (~> 1.3, >= 1.3.4)
    thor (0.19.1)
    thread_safe (0.3.4)
    tilt (1.4.1)
    treetop (1.4.15)
      polyglot
      polyglot (>= 0.3.1)
    tux (0.3.0)
      ripl (>= 0.3.5)
      ripl-multi_line (>= 0.2.4)
      ripl-rack (>= 0.2.0)
      sinatra (>= 1.2.1)
    tzinfo (1.2.2)
      thread_safe (~> 0.1)

PLATFORMS
  ruby

DEPENDENCIES
  activerecord (>= 3.1)
  bcrypt
  carrierwave
  fcgi
  friendly_id
  haml
  html_truncator (~> 0.2)
  mini_magick
  mysql
  padrino!
  rack (= 1.5.2)
  rack-test
  rake
  sass
  shoulda
  tux
